GIT
  remote: git://github.com/pferdefleisch/guard-uglify.git
  revision: 34238afa4a3f44ddf13462bb29ee512714663cec
  specs:
    guard-uglify (0.2.0)
      guard (>= 0.2.2)
      uglifier

GEM
  remote: https://rubygems.org/
  specs:
    addressable (2.3.6)
    celluloid (0.16.0)
      timers (~> 4.0.0)
    chunky_png (1.3.3)
    coderay (1.1.0)
    coffee-script (2.3.0)
      coffee-script-source
      execjs
    coffee-script-source (1.8.0)
    compass (1.0.1)
      chunky_png (~> 1.2)
      compass-core (~> 1.0.1)
      compass-import-once (~> 1.0.5)
      rb-fsevent (>= 0.9.3)
      rb-inotify (>= 0.9)
      sass (>= 3.3.13, < 3.5)
    compass-core (1.0.1)
      multi_json (~> 1.0)
      sass (>= 3.3.0, < 3.5)
    compass-import-once (1.0.5)
      sass (>= 3.2, < 3.5)
    compass-validator (3.0.1)
    css_parser (1.3.5)
      addressable
    em-websocket (0.5.1)
      eventmachine (>= 0.12.9)
      http_parser.rb (~> 0.6.0)
    eventmachine (1.0.3)
    execjs (2.2.2)
    ffi (1.9.6)
    formatador (0.2.5)
    guard (2.7.0)
      formatador (>= 0.2.4)
      listen (~> 2.7)
      lumberjack (~> 1.0)
      pry (>= 0.9.12)
      thor (>= 0.18.1)
    guard-compass (1.1.0)
      compass (>= 0.10.5)
      guard (~> 2.0)
    guard-concat (0.0.3)
      guard (>= 1.1.0)
    guard-livereload (2.3.1)
      em-websocket (~> 0.5)
      guard (~> 2.0)
      multi_json (~> 1.8)
    guard-process (1.0.6)
      guard (>= 0.4.2)
      spoon (~> 0.0.1)
    hitimes (1.2.2)
    http_parser.rb (0.6.0)
    json (1.8.1)
    libv8 (3.16.14.7)
    listen (2.7.11)
      celluloid (>= 0.15.2)
      rb-fsevent (>= 0.9.3)
      rb-inotify (>= 0.9)
    lumberjack (1.0.9)
    method_source (0.8.2)
    multi_json (1.10.1)
    oily_png (1.1.2)
      chunky_png (~> 1.3.1)
    pry (0.10.1)
      coderay (~> 1.1.0)
      method_source (~> 0.8.1)
      slop (~> 3.4)
    rake (10.3.2)
    rb-fsevent (0.9.4)
    rb-inotify (0.9.5)
      ffi (>= 0.5.0)
    ref (1.0.5)
    sass (3.4.6)
    sass-globbing (1.1.1)
      sass (>= 3.1)
    slop (3.6.0)
    spoon (0.0.4)
      ffi
    therubyracer (0.12.1)
      libv8 (~> 3.16.14.0)
      ref
    thor (0.19.1)
    timers (4.0.1)
      hitimes
    uglifier (2.5.3)
      execjs (>= 0.3.0)
      json (>= 1.8.0)

PLATFORMS
  ruby

DEPENDENCIES
  coffee-script
  compass
  compass-validator
  css_parser
  guard
  guard-compass
  guard-concat
  guard-livereload
  guard-process
  guard-uglify!
  oily_png
  rake
  rb-fsevent
  rb-inotify
  sass
  sass-globbing
  therubyracer
  uglifier
